PATH
  remote: .
  specs:
    akshar (0.1)

GEM
  remote: https://rubygems.org/
  specs:

PLATFORMS
  ruby

DEPENDENCIES
  akshar!

BUNDLED WITH
   1.10.5
